GEM
  remote: http://rubygems.org/
  specs:
    auto_tagger (0.2.11)
      capistrano (>= 2.5.3, <= 2.14.2)
    capistrano (2.14.2)
      highline
      net-scp (>= 1.0.0)
      net-sftp (>= 2.0.0)
      net-ssh (>= 2.0.14)
      net-ssh-gateway (>= 1.1.0)
    colorize (0.6.0)
    highline (1.6.20)
    net-scp (1.1.2)
      net-ssh (>= 2.6.5)
    net-sftp (2.1.2)
      net-ssh (>= 2.6.5)
    net-ssh (2.8.0)
    net-ssh-gateway (1.2.0)
      net-ssh (>= 2.6.5)
    rake (10.1.1)
    thrust (0.2.0)
      auto_tagger (~> 0.2)
      colorize (~> 0.6)
      rake (~> 10.1)

PLATFORMS
  ruby

DEPENDENCIES
  thrust
